GEM
  remote: https://rubygems.org/
  specs:
    aliyun-sdk (0.3.7)
      nokogiri (~> 1.6)
      rest-client (~> 1.8)
    domain_name (0.5.20170404)
      unf (>= 0.0.5, < 1.0.0)
    http-cookie (1.0.3)
      domain_name (~> 0.5)
    mime-types (2.99.3)
    mini_portile2 (2.2.0)
    netrc (0.11.0)
    nokogiri (1.8.0)
      mini_portile2 (~> 2.2.0)
    rest-client (1.8.0)
      http-cookie (>= 1.0.2, < 2.0)
      mime-types (>= 1.16, < 3.0)
      netrc (~> 0.7)
    unf (0.1.4)
      unf_ext
    unf_ext (0.0.7.4)

PLATFORMS
  ruby

DEPENDENCIES
  aliyun-sdk (~> 0.3.0)

RUBY VERSION
   ruby 2.3.1p112

BUNDLED WITH
   1.15.4
